PATH
  remote: .
  specs:
    spreadsheet_agent (0.0.3)
      capture_io
      google_drive
      mail

GEM
  remote: https://rubygems.org/
  specs:
    capture_io (0.1.1)
      minitest
      platform_helpers
    faraday (0.9.0)
      multipart-post (>= 1.2, < 3)
    google_drive (0.3.10)
      nokogiri (>= 1.4.4, != 1.5.2, != 1.5.1)
      oauth (>= 0.3.6)
      oauth2 (>= 0.5.0)
    jwt (1.0.0)
    mail (2.6.1)
      mime-types (>= 1.16, < 3)
    mime-types (2.3)
    mini_portile (0.6.0)
    minitest (5.4.1)
    multi_json (1.10.1)
    multi_xml (0.5.5)
    multipart-post (2.0.0)
    nokogiri (1.6.3.1)
      mini_portile (= 0.6.0)
    oauth (0.4.7)
    oauth2 (1.0.0)
      faraday (>= 0.8, < 0.10)
      jwt (~> 1.0)
      multi_json (~> 1.3)
      multi_xml (~> 0.5)
      rack (~> 1.2)
    platform_helpers (0.1.3)
    rack (1.5.2)
    rake (10.3.2)
    shoulda-context (1.2.1)

PLATFORMS
  ruby

DEPENDENCIES
  minitest
  rake
  shoulda-context
  spreadsheet_agent!
